GIT
  remote: https://github.com/jwt/ruby-jwt.git
  revision: 2cea14fdae439773fafc59640178e5cf7a0af8a4
  specs:
    jwt (2.3.0.dev)

GEM
  remote: https://rubygems.org/
  specs:
    coderay (1.1.3)
    faraday (1.3.0)
      faraday-net_http (~> 1.0)
      multipart-post (>= 1.2, < 3)
      ruby2_keywords
    faraday-net_http (1.0.1)
    json (2.5.1)
    method_source (0.9.2)
    multipart-post (2.1.1)
    pry (0.12.2)
      coderay (~> 1.1.0)
      method_source (~> 0.9.0)
    pry-nav (0.3.0)
      pry (>= 0.9.10, < 0.13.0)
    ruby2_keywords (0.0.4)

PLATFORMS
  ruby

DEPENDENCIES
  faraday
  json
  jwt!
  pry-nav

BUNDLED WITH
   2.1.4
